PATH
  remote: .
  specs:
    hanami_id (0.1.0)
      bcrypt (~> 3.1)
      warden (~> 1.2)

GEM
  remote: https://rubygems.org/
  specs:
    bcrypt (3.1.12)
    diff-lcs (1.3)
    rack (2.0.7)
    rake (10.5.0)
    rspec (3.8.0)
      rspec-core (~> 3.8.0)
      rspec-expectations (~> 3.8.0)
      rspec-mocks (~> 3.8.0)
    rspec-core (3.8.0)
      rspec-support (~> 3.8.0)
    rspec-expectations (3.8.3)
      diff-lcs (>= 1.2.0, < 2.0)
      rspec-support (~> 3.8.0)
    rspec-mocks (3.8.0)
      diff-lcs (>= 1.2.0, < 2.0)
      rspec-support (~> 3.8.0)
    rspec-support (3.8.0)
    warden (1.2.8)
      rack (>= 2.0.6)

PLATFORMS
  ruby

DEPENDENCIES
  bundler (~> 1.17)
  hanami_id!
  rake (~> 10.0)
  rspec (~> 3.0)

BUNDLED WITH
   1.17.1
