PATH
  remote: ../../gems/hanami_id-generators
  specs:
    hanami_id-generators (0.1.2)
      hanami (~> 1.3)

PATH
  remote: ../..
  specs:
    hanami_id (0.2.2)
      bcrypt (~> 3.1)
      hanami_id-generators (~> 0.1)
      i18n (~> 1.6)
      warden (~> 1.2)

GEM
  remote: https://rubygems.org/
  specs:
    bcrypt (3.1.13)
    better_errors (2.5.1)
      coderay (>= 1.0.0)
      erubi (>= 1.0.0)
      rack (>= 0.9.0)
    binding_of_caller (0.8.0)
      debug_inspector (>= 0.0.1)
    byebug (11.0.1)
    coderay (1.1.2)
    concurrent-ruby (1.1.5)
    debug_inspector (0.0.3)
    dotenv (2.7.2)
    dry-configurable (0.8.2)
      concurrent-ruby (~> 1.0)
      dry-core (~> 0.4, >= 0.4.7)
    dry-container (0.7.0)
      concurrent-ruby (~> 1.0)
      dry-configurable (~> 0.1, >= 0.1.3)
    dry-core (0.4.7)
      concurrent-ruby (~> 1.0)
    dry-equalizer (0.2.2)
    dry-initializer (1.4.1)
    dry-logic (0.4.2)
      dry-container (~> 0.2, >= 0.2.6)
      dry-core (~> 0.2)
      dry-equalizer (~> 0.2)
    dry-struct (0.3.1)
      dry-configurable (~> 0.1)
      dry-core (~> 0.3)
      dry-equalizer (~> 0.2)
      dry-types (~> 0.9, >= 0.9.0)
      ice_nine (~> 0.11)
    dry-types (0.11.1)
      concurrent-ruby (~> 1.0)
      dry-configurable (~> 0.1)
      dry-container (~> 0.3)
      dry-core (~> 0.2, >= 0.2.1)
      dry-equalizer (~> 0.2)
      dry-logic (~> 0.4, >= 0.4.0)
      inflecto (~> 0.0.0, >= 0.0.2)
    dry-validation (0.11.0)
      concurrent-ruby (~> 1.0)
      dry-configurable (~> 0.1, >= 0.1.3)
      dry-core (~> 0.2, >= 0.2.1)
      dry-equalizer (~> 0.2)
      dry-logic (~> 0.4, >= 0.4.0)
      dry-types (~> 0.11.0)
    erubi (1.8.0)
    hanami (1.3.1)
      bundler (>= 1.6, < 3)
      concurrent-ruby (~> 1.0)
      hanami-assets (~> 1.3)
      hanami-cli (~> 0.3)
      hanami-controller (~> 1.3)
      hanami-helpers (~> 1.3)
      hanami-mailer (~> 1.3)
      hanami-router (~> 1.3)
      hanami-utils (~> 1.3)
      hanami-validations (~> 1.3)
      hanami-view (~> 1.3)
    hanami-assets (1.3.1)
      hanami-helpers (~> 1.3)
      hanami-utils (~> 1.3)
      tilt (~> 2.0, >= 2.0.2)
    hanami-cli (0.3.1)
      concurrent-ruby (~> 1.0)
      hanami-utils (~> 1.3)
    hanami-controller (1.3.1)
      hanami-utils (~> 1.3)
      rack (~> 2.0)
    hanami-helpers (1.3.1)
      hanami-utils (~> 1.3)
    hanami-mailer (1.3.1)
      hanami-utils (~> 1.3)
      mail (~> 2.6)
      tilt (~> 2.0, >= 2.0.1)
    hanami-model (1.3.2)
      concurrent-ruby (~> 1.0)
      dry-logic (~> 0.4.2, < 0.5)
      dry-types (~> 0.11.0)
      hanami-utils (~> 1.3)
      rom (~> 3.3, >= 3.3.3)
      rom-repository (~> 1.4)
      rom-sql (~> 1.3, >= 1.3.5)
    hanami-router (1.3.1)
      hanami-utils (~> 1.3)
      http_router (= 0.11.2)
      rack (~> 2.0)
    hanami-utils (1.3.1)
      concurrent-ruby (~> 1.0)
      transproc (~> 1.0)
    hanami-validations (1.3.3)
      dry-logic (~> 0.4.2, < 0.5)
      dry-validation (~> 0.11, < 0.12)
      hanami-utils (~> 1.3)
    hanami-view (1.3.1)
      hanami-utils (~> 1.3)
      tilt (~> 2.0, >= 2.0.1)
    hanami-webconsole (0.1.0)
      better_errors (~> 2.4)
      binding_of_caller (~> 0.8)
    http_router (0.11.2)
      rack (>= 1.0.0)
      url_mount (~> 0.2.1)
    i18n (1.6.0)
      concurrent-ruby (~> 1.0)
    ice_nine (0.11.2)
    inflecto (0.0.2)
    mail (2.7.1)
      mini_mime (>= 0.1.1)
    method_source (0.9.2)
    mini_mime (1.0.1)
    nio4r (2.5.8)
    pry (0.12.2)
      coderay (~> 1.1.0)
      method_source (~> 0.9.0)
    pry-byebug (3.7.0)
      byebug (~> 11.0)
      pry (~> 0.10)
    puma (5.6.4)
      nio4r (~> 2.0)
    rack (2.0.7)
    rake (12.3.2)
    rom (3.3.3)
      concurrent-ruby (~> 1.0)
      dry-core (~> 0.3)
      dry-equalizer (~> 0.2)
      dry-initializer (~> 1.3)
      dry-types (~> 0.9, >= 0.9.4)
      rom-mapper (~> 0.5, >= 0.5.1)
    rom-mapper (0.5.1)
      dry-core (~> 0.2, >= 0.2.3)
      dry-equalizer (~> 0.2)
      transproc (~> 1.0)
    rom-repository (1.4.0)
      dry-core (~> 0.3, >= 0.3.1)
      dry-struct (~> 0.3)
      rom (~> 3.3)
      rom-mapper (~> 0.5)
    rom-sql (1.3.5)
      dry-core (~> 0.3)
      dry-equalizer (~> 0.2)
      dry-types (~> 0.11.0)
      rom (~> 3.2, >= 3.2.2)
      sequel (~> 4.43)
    sequel (4.49.0)
    shotgun (0.9.2)
      rack (>= 1.0)
    sqlite3 (1.4.1)
    tilt (2.0.9)
    transproc (1.0.3)
    url_mount (0.2.1)
      rack
    warden (1.2.8)
      rack (>= 2.0.6)

PLATFORMS
  ruby

DEPENDENCIES
  dotenv (~> 2.4)
  hanami (~> 1.3)
  hanami-model (~> 1.3)
  hanami-webconsole
  hanami_id!
  hanami_id-generators!
  pry-byebug
  puma
  rake
  shotgun
  sqlite3

BUNDLED WITH
   2.0.1
